GEM
  remote: https://rubygems.org/
  specs:
    escape_utils (1.2.1)
    http-2 (0.10.2)
    http_parser.rb (0.6.0)
    msgpack (1.4.2)
    polyphony (0.55.0)
    qeweney (0.9.1)
      escape_utils (~> 1.2.1)
    rack (2.2.3)
    tipi (0.39)
      http-2 (~> 0.10.0)
      http_parser.rb (~> 0.6.0)
      msgpack (~> 1.4.2)
      polyphony (~> 0.55.0)
      qeweney (~> 0.9.1)
      rack (>= 2.0.8, < 2.3.0)
      websocket (~> 1.2.8)
    websocket (1.2.9)

PLATFORMS
  arm64-darwin-20

DEPENDENCIES
  tipi (~> 0.39.0)

BUNDLED WITH
   2.2.15
